PATH
  remote: .
  specs:
    omni_auth_passaporte_web (3.0.2)
      multi_json (>= 1.0.4)
      omniauth-oauth (~> 1.0.1)

GEM
  remote: https://rubygems.org/
  specs:
    diff-lcs (1.2.1)
    hashie (1.2.0)
    multi_json (1.6.1)
    oauth (0.4.7)
    omniauth (1.1.3)
      hashie (~> 1.2)
      rack
    omniauth-oauth (1.0.1)
      oauth
      omniauth (~> 1.0)
    rack (1.5.2)
    rake (10.0.3)
    rspec (2.13.0)
      rspec-core (~> 2.13.0)
      rspec-expectations (~> 2.13.0)
      rspec-mocks (~> 2.13.0)
    rspec-core (2.13.0)
    rspec-expectations (2.13.0)
      diff-lcs (>= 1.1.3, < 2.0)
    rspec-mocks (2.13.0)

PLATFORMS
  ruby

DEPENDENCIES
  omni_auth_passaporte_web!
  rake (~> 10.0.3)
  rspec (~> 2.13.0)
